GEM
  remote: http://rubygems.org/
  specs:
    activesupport (3.2.13)
      i18n (= 0.6.1)
      multi_json (~> 1.0)
    colored (1.2)
    i18n (0.6.1)
    ib (0.2.10)
      thor (>= 0.15.4)
      xcodeproj (>= 0.4.1)
    motion-settings-bundle (0.2.0)
      plist (~> 3.1.0)
    multi_json (1.7.2)
    plist (3.1.0)
    thor (0.18.1)
    xcodeproj (0.5.5)
      activesupport (~> 3.2.13)
      colored (~> 1.2)

PLATFORMS
  ruby

DEPENDENCIES
  ib
  motion-settings-bundle
